PATH
  remote: .
  specs:
    minitest-heat (0.1.0)
      minitest

GEM
  remote: https://rubygems.org/
  specs:
    coderay (1.1.3)
    method_source (1.0.0)
    minitest (5.14.4)
    pry (0.14.1)
      coderay (~> 1.1)
      method_source (~> 1.0)
    rake (12.3.3)

PLATFORMS
  ruby

DEPENDENCIES
  minitest (~> 5.0)
  minitest-heat!
  pry
  rake (~> 12.0)

BUNDLED WITH
   2.1.4
