PATH
  remote: .
  specs:
    minitest-heat (0.0.4)
      minitest

GEM
  remote: https://rubygems.org/
  specs:
    coderay (1.1.3)
    dead_end (1.1.7)
    docile (1.4.0)
    method_source (1.0.0)
    minitest (5.14.4)
    pry (0.14.1)
      coderay (~> 1.1)
      method_source (~> 1.0)
    rake (12.3.3)
    simplecov (0.21.2)
      docile (~> 1.1)
      simplecov-html (~> 0.11)
      simplecov_json_formatter (~> 0.1)
    simplecov-html (0.12.3)
    simplecov_json_formatter (0.1.3)

PLATFORMS
  ruby

DEPENDENCIES
  dead_end
  minitest (~> 5.0)
  minitest-heat!
  pry
  rake (~> 12.0)
  simplecov

BUNDLED WITH
   2.1.4
